GEM
  remote: https://rubygems.org/
  specs:
    wdm (0.1.0)

PLATFORMS
  ruby
  x64-mingw32
  x86-mingw32

DEPENDENCIES
  wdm (>= 0.1.0)
